GEM
  remote: http://rubygems.org/
  specs:
    backports (2.6.4)
    coderay (1.0.7)
    i18n (0.6.1)
    mail (2.4.4)
      i18n (>= 0.4.0)
      mime-types (~> 1.16)
      treetop (~> 1.4.8)
    method_source (0.8)
    mime-types (1.19)
    nokogiri (1.5.5)
    polyglot (0.3.3)
    pry (0.9.10)
      coderay (~> 1.0.5)
      method_source (~> 0.8)
      slop (~> 3.3.1)
    rdo (0.0.6)
    rdo-postgres (0.0.2)
      rdo (>= 0.0.1)
    slop (3.3.3)
    treetop (1.4.10)
      polyglot
      polyglot (>= 0.3.1)
    virtus (0.5.2)
      backports (~> 2.6.1)

PLATFORMS
  ruby

DEPENDENCIES
  mail
  nokogiri
  pry
  rdo-postgres
  virtus
